PATH
  remote: .
  specs:
    rails-plantuml-generator (0.1.0)
      rails (~> 0)

GEM
  remote: https://rubygems.org/
  specs:
    actionmailer (1.1.4)
      actionpack (= 1.11.1)
    actionpack (1.11.1)
      activesupport (= 1.2.4)
    actionwebservice (0.9.4)
      actionpack (= 1.11.1)
      activerecord (= 1.13.1)
    activerecord (1.13.1)
      activesupport (= 1.2.4)
    activesupport (1.2.4)
    rails (0.14.4)
      actionmailer (= 1.1.4)
      actionpack (= 1.11.1)
      actionwebservice (= 0.9.4)
      activerecord (= 1.13.1)
      activesupport (= 1.2.4)
      rake (>= 0.6.2)
    rake (12.3.1)

PLATFORMS
  ruby

DEPENDENCIES
  rails-plantuml-generator!

BUNDLED WITH
   1.16.0
